GIT
  remote: git://github.com/ehaselwanter/kitchen-puppet.git
  revision: ba62c21d8efa623c3cff8cbe5120ea1720488cae
  branch: repo_is_module
  specs:
    kitchen-puppet (0.0.9)

GEM
  remote: https://rubygems.org/
  specs:
    celluloid (0.15.2)
      timers (~> 1.1.0)
    coderay (1.1.0)
    concurrent-ruby (1.1.7)
    deep_merge (1.2.1)
    diff-lcs (1.2.5)
    facter (2.5.7)
    fast_gettext (1.8.0)
    ffi (1.9.3)
    formatador (0.2.4)
    git (1.2.6)
    guard (2.6.1)
      formatador (>= 0.2.4)
      listen (~> 2.7)
      lumberjack (~> 1.0)
      pry (>= 0.9.12)
      thor (>= 0.18.1)
    guard-rake (0.0.9)
      guard
      rake
    hiera (3.6.0)
    highline (1.6.21)
    hocon (1.3.1)
    httpclient (2.8.3)
    json (1.8.1)
    kitchen-sharedtests (0.2.0)
      git
    kitchen-vagrant (0.15.0)
      test-kitchen (~> 1.0)
    librarian (0.1.2)
      highline
      thor (~> 0.15)
    librarian-puppet (1.0.2)
      json
      librarian (>= 0.1.2)
    listen (2.7.5)
      celluloid (>= 0.15.2)
      rb-fsevent (>= 0.9.3)
      rb-inotify (>= 0.9)
    locale (2.1.3)
    lumberjack (1.0.5)
    metaclass (0.0.4)
    method_source (0.8.2)
    mixlib-shellout (1.4.0)
    mocha (1.1.0)
      metaclass (~> 0.0.1)
    multi_json (1.15.0)
    net-scp (1.2.1)
      net-ssh (>= 2.6.5)
    net-ssh (2.9.1)
    pry (0.9.12.6)
      coderay (~> 1.0)
      method_source (~> 0.8)
      slop (~> 3.4)
    puppet (6.18.0)
      concurrent-ruby (~> 1.0)
      deep_merge (~> 1.0)
      facter (> 2.0.1, < 5)
      fast_gettext (~> 1.1)
      hiera (>= 3.2.1, < 4)
      httpclient (~> 2.8)
      locale (~> 2.1)
      multi_json (~> 1.10)
      puppet-resource_api (~> 1.5)
      semantic_puppet (~> 1.0)
    puppet-lint (0.3.2)
    puppet-resource_api (1.8.13)
      hocon (>= 1.0)
    puppetlabs_spec_helper (0.4.1)
      mocha (>= 0.10.5)
      rake
      rspec (>= 2.9.0)
      rspec-puppet (>= 0.1.1)
    rake (10.3.2)
    rb-fsevent (0.9.4)
    rb-inotify (0.9.4)
      ffi (>= 0.5.0)
    rspec (2.14.1)
      rspec-core (~> 2.14.0)
      rspec-expectations (~> 2.14.0)
      rspec-mocks (~> 2.14.0)
    rspec-core (2.14.8)
    rspec-expectations (2.14.5)
      diff-lcs (>= 1.1.3, < 2.0)
    rspec-mocks (2.14.6)
    rspec-puppet (1.0.1)
      rspec
    safe_yaml (1.0.3)
    semantic_puppet (1.0.2)
    slop (3.5.0)
    test-kitchen (1.2.1)
      mixlib-shellout (~> 1.2)
      net-scp (~> 1.1)
      net-ssh (~> 2.7)
      safe_yaml (~> 1.0)
      thor (~> 0.18)
    thor (0.19.1)
    timers (1.1.0)

PLATFORMS
  ruby

DEPENDENCIES
  guard-rake
  kitchen-puppet!
  kitchen-sharedtests (~> 0.2.0)
  kitchen-vagrant
  librarian-puppet
  puppet
  puppet-lint
  puppetlabs_spec_helper
  rake
  rspec-puppet
  test-kitchen
